PATH
  remote: .
  specs:
    wine_100 (0.1.0)

GEM
  remote: https://rubygems.org/
  specs:
    colorize (0.8.1)
    mini_portile2 (2.4.0)
    nokogiri (1.10.1)
      mini_portile2 (~> 2.4.0)
    rake (10.5.0)

PLATFORMS
  ruby

DEPENDENCIES
  bundler (~> 2.0)
  colorize
  nokogiri
  rake (~> 10.0)
  wine_100!

BUNDLED WITH
   2.0.1
